GEM
  remote: https://rubygems.org/
  specs:
    cnpj_utils (1.2.0)
    cpf_utils (1.3.1)
    diff-lcs (1.5.0)
    rspec (3.12.0)
      rspec-core (~> 3.12.0)
      rspec-expectations (~> 3.12.0)
      rspec-mocks (~> 3.12.0)
    rspec-core (3.12.2)
      rspec-support (~> 3.12.0)
    rspec-expectations (3.12.3)
      diff-lcs (>= 1.2.0, < 2.0)
      rspec-support (~> 3.12.0)
    rspec-mocks (3.12.6)
      diff-lcs (>= 1.2.0, < 2.0)
      rspec-support (~> 3.12.0)
    rspec-support (3.12.1)

PLATFORMS
  x86_64-linux

DEPENDENCIES
  cnpj_utils (~> 1.2)
  cpf_utils (~> 1.3, >= 1.3.1)
  rspec (~> 3.12)

BUNDLED WITH
   2.4.10
